PATH
  remote: .
  specs:
    authorization_next (0.1.0)

GEM
  remote: https://rubygems.org/
  specs:
    rake (10.1.1)

PLATFORMS
  ruby

DEPENDENCIES
  authorization_next!
  bundler (~> 1.17)
  rake (~> 10.0)

BUNDLED WITH
   1.17.3
